GEM
  remote: https://rubygems.org/
  specs:
    dotenv (2.2.0)
    rack (1.6.5)
    rack-protection (1.5.3)
      rack
    ruby-graphviz (1.2.3)
    sequel (4.45.0)
    sinatra (1.4.8)
      rack (~> 1.5)
      rack-protection (~> 1.4)
      tilt (>= 1.3, < 3)
    tilt (2.0.7)

PLATFORMS
  ruby

DEPENDENCIES
  dotenv
  ruby-graphviz
  sequel
  sinatra

RUBY VERSION
   ruby 2.4.1p111

BUNDLED WITH
   1.14.6
